GEM
  remote: https://rubygems.org/
  specs:
    actionmailer (3.2.8)
      actionpack (= 3.2.8)
      mail (~> 2.4.4)
    actionpack (3.2.8)
      activemodel (= 3.2.8)
      activesupport (= 3.2.8)
      builder (~> 3.0.0)
      erubis (~> 2.7.0)
      journey (~> 1.0.4)
      rack (~> 1.4.0)
      rack-cache (~> 1.2)
      rack-test (~> 0.6.1)
      sprockets (~> 2.1.3)
    activemodel (3.2.8)
      activesupport (= 3.2.8)
      builder (~> 3.0.0)
    activerecord (3.2.8)
      activemodel (= 3.2.8)
      activesupport (= 3.2.8)
      arel (~> 3.0.2)
      tzinfo (~> 0.3.29)
    activerecord-jdbc-adapter (1.2.5)
    activerecord-jdbcpostgresql-adapter (1.2.5)
      activerecord-jdbc-adapter (~> 1.2.5)
      jdbc-postgres (>= 9.1, < 9.3)
    activeresource (3.2.8)
      activemodel (= 3.2.8)
      activesupport (= 3.2.8)
    activesupport (3.2.8)
      i18n (~> 0.6)
      multi_json (~> 1.0)
    arel (3.0.2)
    builder (3.0.4)
    coderay (1.0.8)
    coffee-rails (3.2.2)
      coffee-script (>= 2.2.0)
      railties (~> 3.2.0)
    coffee-script (2.2.0)
      coffee-script-source
      execjs
    coffee-script-source (1.3.3)
    commonjs (0.2.6)
    composite_primary_keys (5.0.9)
      activerecord (~> 3.2.0, >= 3.2.8)
    diff-lcs (1.2.4)
    erubis (2.7.0)
    execjs (1.4.0)
      multi_json (~> 1.0)
    fabrication (2.6.5)
    ffi (1.8.1)
    ffi (1.8.1-java)
    formatador (0.2.4)
    guard (1.8.0)
      formatador (>= 0.2.4)
      listen (>= 1.0.0)
      lumberjack (>= 1.0.2)
      pry (>= 0.9.10)
      thor (>= 0.14.6)
    guard-rspec (2.5.4)
      guard (>= 1.1)
      rspec (~> 2.11)
    haml (3.1.7)
    hike (1.2.1)
    i18n (0.6.1)
    jdbc-postgres (9.2.1002)
    journey (1.0.4)
    jquery-datatables-rails (1.11.1)
      jquery-rails
    jquery-rails (2.1.3)
      railties (>= 3.1.0, < 5.0)
      thor (~> 0.14)
    jquery-ui-rails (2.0.2)
      jquery-rails
      railties (>= 3.1.0)
    jruby-jars (1.7.2)
    jruby-rack (1.1.13.1)
    json (1.7.6)
    json (1.7.6-java)
    kaminari (0.14.1)
      actionpack (>= 3.0.0)
      activesupport (>= 3.0.0)
    less (2.2.2)
      commonjs (~> 0.2.6)
    less-rails (2.2.5)
      actionpack (>= 3.1)
      less (~> 2.2.0)
    listen (1.0.2)
      rb-fsevent (>= 0.9.3)
      rb-inotify (>= 0.9)
      rb-kqueue (>= 0.2)
    lumberjack (1.0.3)
    mail (2.4.4)
      i18n (>= 0.4.0)
      mime-types (~> 1.16)
      treetop (~> 1.4.8)
    method_source (0.8.1)
    mime-types (1.19)
    multi_json (1.5.0)
    nokogiri (1.5.5)
    nokogiri (1.5.5-java)
    polyglot (0.3.3)
    pry (0.9.10)
      coderay (~> 1.0.5)
      method_source (~> 0.8)
      slop (~> 3.3.1)
    pry (0.9.10-java)
      coderay (~> 1.0.5)
      method_source (~> 0.8)
      slop (~> 3.3.1)
      spoon (~> 0.0)
    pry-nav (0.2.2)
      pry (~> 0.9.10)
    pry-remote (0.1.6)
      pry (~> 0.9)
      slop (~> 3.0)
    rack (1.4.1)
    rack-cache (1.2)
      rack (>= 0.4)
    rack-ssl (1.3.2)
      rack
    rack-test (0.6.2)
      rack (>= 1.0)
    rails (3.2.8)
      actionmailer (= 3.2.8)
      actionpack (= 3.2.8)
      activerecord (= 3.2.8)
      activeresource (= 3.2.8)
      activesupport (= 3.2.8)
      bundler (~> 1.0)
      railties (= 3.2.8)
    railties (3.2.8)
      actionpack (= 3.2.8)
      activesupport (= 3.2.8)
      rack-ssl (~> 1.3.2)
      rake (>= 0.8.7)
      rdoc (~> 3.4)
      thor (>= 0.14.6, < 2.0)
    rake (10.0.3)
    rb-fsevent (0.9.3)
    rb-inotify (0.9.0)
      ffi (>= 0.5.0)
    rb-kqueue (0.2.0)
      ffi (>= 0.5.0)
    rdoc (3.12)
      json (~> 1.4)
    rsolr (1.0.8)
      builder (>= 2.1.2)
    rspec (2.13.0)
      rspec-core (~> 2.13.0)
      rspec-expectations (~> 2.13.0)
      rspec-mocks (~> 2.13.0)
    rspec-core (2.13.1)
    rspec-expectations (2.13.0)
      diff-lcs (>= 1.1.3, < 2.0)
    rspec-mocks (2.13.1)
    rspec-rails (2.13.0)
      actionpack (>= 3.0)
      activesupport (>= 3.0)
      railties (>= 3.0)
      rspec-core (~> 2.13.0)
      rspec-expectations (~> 2.13.0)
      rspec-mocks (~> 2.13.0)
    rubyzip (0.9.9)
    sass (3.2.1)
    sass-rails (3.2.5)
      railties (~> 3.2.0)
      sass (>= 3.1.10)
      tilt (~> 1.3)
    slop (3.3.3)
    spoon (0.0.1)
    sprockets (2.1.3)
      hike (~> 1.2)
      rack (~> 1.0)
      tilt (~> 1.1, != 1.3.0)
    therubyrhino (2.0.2)
      therubyrhino_jar (>= 1.7.3)
    therubyrhino_jar (1.7.4)
    thor (0.16.0)
    tilt (1.3.3)
    treetop (1.4.11)
      polyglot
      polyglot (>= 0.3.1)
    twitter-bootstrap-rails (2.1.9)
      actionpack (>= 3.1)
      execjs
      railties (>= 3.1)
    tzinfo (0.3.33)
    uglifier (1.3.0)
      execjs (>= 0.3.0)
      multi_json (~> 1.0, >= 1.0.2)
    warbler (1.3.6)
      jruby-jars (>= 1.4.0)
      jruby-rack (>= 1.0.0)
      rake (>= 0.8.7)
      rubyzip (>= 0.9.4)
    will_paginate (3.0.3)

PLATFORMS
  java
  ruby

DEPENDENCIES
  activerecord-jdbc-adapter
  activerecord-jdbcpostgresql-adapter
  coffee-rails (~> 3.2.1)
  composite_primary_keys
  fabrication
  guard-rspec
  haml
  jdbc-postgres
  jquery-datatables-rails
  jquery-rails
  jquery-ui-rails
  kaminari
  less-rails
  nokogiri
  pry
  pry-nav
  pry-remote
  rails (= 3.2.8)
  rsolr
  rspec-rails (~> 2.0)
  sass-rails (~> 3.2.3)
  therubyrhino
  twitter-bootstrap-rails
  uglifier (>= 1.0.3)
  warbler
  will_paginate
